PATH
  remote: .
  specs:
    caller_id (0.0.1)
      json

GEM
  remote: https://rubygems.org/
  specs:
    addressable (2.2.8)
    crack (0.3.1)
    diff-lcs (1.1.3)
    json (1.6.1)
    rspec (2.10.0)
      rspec-core (~> 2.10.0)
      rspec-expectations (~> 2.10.0)
      rspec-mocks (~> 2.10.0)
    rspec-core (2.10.1)
    rspec-expectations (2.10.0)
      diff-lcs (~> 1.1.3)
    rspec-mocks (2.10.1)
    timecop (0.3.5)
    vcr (2.2.2)
    webmock (1.8.6)
      addressable (>= 2.2.7)
      crack (>= 0.1.7)

PLATFORMS
  ruby

DEPENDENCIES
  bundler (>= 1.0.0)
  caller_id!
  rspec (~> 2.6)
  timecop (~> 0.3)
  vcr (~> 2.1)
  webmock (= 1.8.6)
